GEM
  remote: http://ruby.taobao.org/
  specs:
    activemodel (3.2.13)
      activesupport (= 3.2.13)
      builder (~> 3.0.0)
    activerecord (3.2.13)
      activemodel (= 3.2.13)
      activesupport (= 3.2.13)
      arel (~> 3.0.2)
      tzinfo (~> 0.3.29)
    activesupport (3.2.13)
      i18n (= 0.6.1)
      multi_json (~> 1.0)
    addressable (2.3.4)
    arel (3.0.2)
    backports (3.3.0)
    builder (3.0.4)
    cookiejar (0.3.0)
    daemons (1.1.9)
    em-http-request (1.0.3)
      addressable (>= 2.2.3)
      cookiejar
      em-socksify
      eventmachine (>= 1.0.0.beta.4)
      http_parser.rb (>= 0.5.3)
    em-resolv-replace (1.1.3)
    em-socksify (0.2.1)
      eventmachine (>= 1.0.0.beta.4)
    em-synchrony (1.0.3)
      eventmachine (>= 1.0.0.beta.1)
    eventmachine (1.0.3)
    http_parser.rb (0.5.3)
    i18n (0.6.1)
    json (1.7.7)
    multi_json (1.7.3)
    mysql2 (0.3.11)
    rack (1.5.2)
    rack-fiber_pool (0.9.3)
    rack-protection (1.5.0)
      rack
    rack-test (0.6.2)
      rack (>= 1.0)
    require_all (1.2.1)
    sinatra (1.4.2)
      rack (~> 1.5, >= 1.5.2)
      rack-protection (~> 1.4)
      tilt (~> 1.3, >= 1.3.4)
    sinatra-contrib (1.4.0)
      backports (>= 2.0)
      eventmachine
      rack-protection
      rack-test
      sinatra (~> 1.4.2)
      tilt (~> 1.3)
    sinatra-synchrony (0.4.1)
      em-http-request (~> 1.0)
      em-resolv-replace (~> 1.1)
      em-synchrony (~> 1.0.1)
      eventmachine (~> 1.0.0)
      rack-fiber_pool (~> 0.9)
      sinatra (~> 1.0)
    thin (1.5.1)
      daemons (>= 1.0.9)
      eventmachine (>= 0.12.6)
      rack (>= 1.0.0)
    tilt (1.4.1)
    tzinfo (0.3.37)

PLATFORMS
  ruby

DEPENDENCIES
  activerecord
  em-synchrony
  json (~> 1.7.7)
  mysql2
  require_all
  sinatra
  sinatra-contrib
  sinatra-synchrony
  thin
